PATH
  remote: .
  specs:
    gql_client (0.1.0)

GEM
  remote: https://rubygems.org/
  specs:
    rake (13.0.1)

PLATFORMS
  ruby

DEPENDENCIES
  bundler (~> 1.16)
  gql_client!
  rake (~> 13.0)

BUNDLED WITH
   1.16.2
